GEM
  remote: https://rubygems.org/
  specs:
    backports (3.15.0)
    json (2.3.0)
    kramdown (2.3.1)
      rexml
    mini_portile2 (2.8.0)
    multi_json (1.13.1)
    mustermann (1.0.3)
    nokogiri (1.13.9)
      mini_portile2 (~> 2.8.0)
      racc (~> 1.4)
    racc (1.6.0)
    rack (2.1.4.1)
    rack-protection (2.0.5)
      rack
    rexml (3.2.5)
    sinatra (2.0.5)
      mustermann (~> 1.0)
      rack (~> 2.0)
      rack-protection (= 2.0.5)
      tilt (~> 2.0)
    sinatra-contrib (2.0.5)
      backports (>= 2.8.2)
      multi_json
      mustermann (~> 1.0)
      rack-protection (= 2.0.5)
      sinatra (= 2.0.5)
      tilt (>= 1.3, < 3)
    tilt (2.0.9)

PLATFORMS
  ruby

DEPENDENCIES
  json
  kramdown
  nokogiri (>= 1.10.4)
  rack (>= 2.0.6)
  sinatra
  sinatra-contrib

BUNDLED WITH
   2.0.2
