GEM
  remote: https://rubygems.org/
  specs:
    backports (3.8.0)
    json (1.8.3)
    kramdown (1.13.2)
    mini_portile2 (2.1.0)
    multi_json (1.12.1)
    mustermann (1.0.0)
    nokogiri (1.7.2)
      mini_portile2 (~> 2.1.0)
    rack (2.0.2)
    rack-protection (2.0.0)
      rack
    sinatra (2.0.0)
      mustermann (~> 1.0)
      rack (~> 2.0)
      rack-protection (= 2.0.0)
      tilt (~> 2.0)
    sinatra-contrib (2.0.0)
      backports (>= 2.0)
      multi_json
      mustermann (~> 1.0)
      rack-protection (= 2.0.0)
      sinatra (= 2.0.0)
      tilt (>= 1.3, < 3)
    tilt (2.0.7)

PLATFORMS
  ruby

DEPENDENCIES
  json
  kramdown
  nokogiri
  sinatra
  sinatra-contrib

BUNDLED WITH
   1.13.1
