GEM
  remote: https://rubygems.org/
  specs:
    json (2.3.0)
    kramdown (2.3.1)
      rexml
    mini_portile2 (2.8.5)
    multi_json (1.13.1)
    mustermann (2.0.2)
      ruby2_keywords (~> 0.0.1)
    nokogiri (1.16.2)
      mini_portile2 (~> 2.8.2)
      racc (~> 1.4)
    racc (1.7.3)
    rack (2.2.4)
    rack-protection (2.2.3)
      rack
    rexml (3.2.5)
    ruby2_keywords (0.0.5)
    sinatra (2.2.3)
      mustermann (~> 2.0)
      rack (~> 2.2)
      rack-protection (= 2.2.3)
      tilt (~> 2.0)
    sinatra-contrib (2.2.3)
      multi_json
      mustermann (~> 2.0)
      rack-protection (= 2.2.3)
      sinatra (= 2.2.3)
      tilt (~> 2.0)
    tilt (2.0.11)

PLATFORMS
  ruby

DEPENDENCIES
  json
  kramdown
  nokogiri (>= 1.10.4)
  rack (>= 2.0.6)
  sinatra
  sinatra-contrib

BUNDLED WITH
   2.0.2
